FRAMEWORK: >= NET461
NUGET
  remote: https://www.nuget.org/api/v2
  specs:
    Accord (3.0.2)
    Accord.MachineLearning (3.0.2)
      Accord (>= 3.0.2)
      Accord.Math (>= 3.0.2)
      Accord.Statistics (>= 3.0.2)
    Accord.Math (3.0.2)
      Accord (>= 3.0.2)
    Accord.Neuro (3.0.2)
      Accord (>= 3.0.2)
      Accord.Math (>= 3.0.2)
    Accord.Statistics (3.0.2)
      Accord (>= 3.0.2)
      Accord.Math (>= 3.0.2)
    AForge (2.2.5)
    AForge.Genetic (2.2.5)
      AForge (>= 2.2.5)
      AForge.Math (>= 2.2.5)
    AForge.Math (2.2.5)
      AForge (>= 2.2.5)
    AForge.Neuro (2.2.5)
      AForge (>= 2.2.5)
      AForge.Genetic (>= 2.2.5)
      AForge.Math (>= 2.2.5)
    alglibnet2 (0.0.0)
    Charon (0.1.0)
    FSharp.Collections.ParallelSeq (1.0.2)
    FSharp.Data (2.2.5)
    FuzzyString (1.0.0)
    StemmersNet (1.1.1)
